GEM
  remote: https://rubygems.org/
  specs:
    little-plugger (1.1.4)
    logging (2.3.0)
      little-plugger (~> 1.1)
      multi_json (~> 1.14)
    multi_json (1.15.0)

PLATFORMS
  ruby

DEPENDENCIES
  logging

BUNDLED WITH
   2.1.4
